GEM
  specs:
    gosu (0.7.27.1)

PLATFORMS
  ruby

DEPENDENCIES
  gosu
